GEM
  remote: https://rubygems.org/
  specs:
    alexa_verifier (0.1.0)

PLATFORMS
  ruby

DEPENDENCIES
  alexa_verifier

RUBY VERSION
   ruby 2.3.0p0

BUNDLED WITH
   1.13.6
